GEM
  remote: https://rubygems.org/
  specs:
    redcarpet (3.6.0)

PLATFORMS
  arm64-darwin-24
  ruby

DEPENDENCIES
  redcarpet

BUNDLED WITH
   2.6.2
